GEM
  remote: http://rubygems.org/
  specs:
    colored (1.2)
    cri (2.3.0)
      colored (>= 1.2)
    haml (4.0.0)
      tilt
    listen (0.6.0)
    maruku (0.6.1)
      syntax (>= 1.0.0)
    nanoc (3.6.1)
      cri (~> 2.3)
    rack (1.4.5)
    rack-rewrite (1.3.3)
    rb-fsevent (0.9.2)
    syntax (1.0.0)
    tilt (1.3.4)

PLATFORMS
  ruby

DEPENDENCIES
  haml
  listen
  maruku
  nanoc
  rack
  rack-rewrite
  rb-fsevent
