GEM
  specs:
    colored (1.2)
    commonjs (0.2.6)
    cri (2.3.0)
      colored (>= 1.2)
    haml (4.0.1)
      tilt
    kgio (2.8.0)
    less (2.3.1)
      commonjs (~> 0.2.6)
    listen (0.7.3)
    maruku (0.6.1)
      syntax (>= 1.0.0)
    nanoc (3.6.1)
      cri (~> 2.3)
    rack (1.5.2)
    rack-rewrite (1.3.3)
    raindrops (0.10.0)
    rainpress (1.0)
    rb-fsevent (0.9.3)
    syntax (1.0.0)
    tilt (1.3.6)
    unicorn (4.6.2)
      kgio (~> 2.6)
      rack
      raindrops (~> 0.7)

PLATFORMS
  ruby

DEPENDENCIES
  haml
  less
  listen
  maruku
  nanoc
  rack
  rack-rewrite
  rainpress
  rb-fsevent
  unicorn
