GEM
  remote: http://rubygems.org/
  specs:
    colored (1.2)
    cri (2.3.0)
      colored (>= 1.2)
    haml (4.0.0)
      tilt
    kgio (2.8.0)
    listen (0.6.0)
    maruku (0.6.1)
      syntax (>= 1.0.0)
    nanoc (3.6.1)
      cri (~> 2.3)
    newrelic_rpm (3.5.8.72)
    rack (1.4.5)
    rack-rewrite (1.3.3)
    raindrops (0.10.0)
    rb-fsevent (0.9.2)
    syntax (1.0.0)
    tilt (1.3.4)
    unicorn (4.6.2)
      kgio (~> 2.6)
      rack
      raindrops (~> 0.7)

PLATFORMS
  ruby

DEPENDENCIES
  haml
  listen
  maruku
  nanoc
  newrelic_rpm
  rack
  rack-rewrite
  rb-fsevent
  unicorn
