GEM
  remote: http://rubygems.org/
  specs:
    allison (2.0.3)
    colored (1.2)
    commonjs (0.2.6)
    cri (2.3.0)
      colored (>= 1.2)
    echoe (4.6.3)
      allison (>= 2.0.3)
      gemcutter (>= 0.7.0)
      rake (>= 0.9.2)
      rdoc (>= 3.6.1)
      rubyforge (>= 2.0.4)
    gemcutter (0.7.1)
    haml (4.0.0)
      tilt
    json (1.7.7)
    json_pure (1.7.7)
    kgio (2.8.0)
    less (2.3.0)
      commonjs (~> 0.2.6)
    listen (0.6.0)
    maruku (0.6.1)
      syntax (>= 1.0.0)
    nanoc (3.6.1)
      cri (~> 2.3)
    newrelic_rpm (3.5.8.72)
    rack (1.4.5)
    rack-rewrite (1.3.3)
    raindrops (0.10.0)
    rainpress (1.0)
      echoe
    rake (10.0.3)
    rb-fsevent (0.9.2)
    rdoc (4.0.0)
      json (~> 1.4)
    rubyforge (2.0.4)
      json_pure (>= 1.1.7)
    syntax (1.0.0)
    tilt (1.3.4)
    unicorn (4.6.2)
      kgio (~> 2.6)
      rack
      raindrops (~> 0.7)

PLATFORMS
  ruby

DEPENDENCIES
  haml
  less
  listen
  maruku
  nanoc
  newrelic_rpm
  rack
  rack-rewrite
  rainpress
  rb-fsevent
  unicorn
