GEM
  remote: https://rubygems.org/
  specs:
    colored (1.2)
    commonjs (0.2.6)
    cri (2.3.0)
      colored (>= 1.2)
    ffi (1.9.0)
    haml (4.0.3)
      tilt
    haml-contrib (1.0.0.1)
      haml (>= 3.2.0.alpha.13)
    kgio (2.8.0)
    less (2.3.2)
      commonjs (~> 0.2.6)
    libv8 (3.11.8.17)
    listen (1.2.2)
      rb-fsevent (>= 0.9.3)
      rb-inotify (>= 0.9)
      rb-kqueue (>= 0.2)
    maruku (0.6.1)
      syntax (>= 1.0.0)
    nanoc (3.6.4)
      cri (~> 2.3)
    rack (1.5.2)
    rack-rewrite (1.3.3)
    raindrops (0.11.0)
    rainpress (1.0)
    rb-fsevent (0.9.3)
    rb-inotify (0.9.0)
      ffi (>= 0.5.0)
    rb-kqueue (0.2.0)
      ffi (>= 0.5.0)
    ref (1.0.5)
    syntax (1.0.0)
    therubyracer (0.11.4)
      libv8 (~> 3.11.8.12)
      ref
    tilt (1.4.1)
    unicorn (4.6.3)
      kgio (~> 2.6)
      rack
      raindrops (~> 0.7)

PLATFORMS
  ruby

DEPENDENCIES
  haml
  haml-contrib
  less
  listen
  maruku
  nanoc
  rack
  rack-rewrite
  rainpress
  rb-fsevent
  therubyracer
  unicorn
